{
	"TaskName": "imagery",
	"Manufacturer": "BrainVision",
	"PowerLineFrequency": 50.0,
	"SamplingFrequency": 500.0,
	"SoftwareFilters": {
		"preprocessing_steps": {
			"Description": "notch filtering, bandpass filtering, bad channel interpolation, EOG artifact correction (SGEYESUB), ICA for artifact removal, re-referencing to CAR, bad segment rejection, lowpass filtering, downsampling, epoching"
		}
	},
	"RecordingDuration": 3080.478,
	"RecordingType": "continuous",
	"EEGReference": "right mastoid",
	"EEGGround": "n/a",
	"EEGPlacementScheme": "eogl1 eogl2 eogl3 eogr1 af7 af3 afz af4 af8 f7 f5 f3 f1 fz f2 f4 f6 f8 ft7 fc5 fc3 fc1 fcz fc2 fc4 fc6 ft8 t7 c5 c3 c1 cz c2 c4 c6 t8 tp7 cp5 cp3 cp1 cpz cp2 cp4 cp6 tp8 p7 p5 p3 p1 pz p2 p4 p6 p8 ppo1h ppo2h po7 po3 poz po4 po8 o1 oz o2",
	"EEGChannelCount": 60,
	"EOGChannelCount": 0,
	"ECGChannelCount": 0,
	"EMGChannelCount": 0,
	"TriggerChannelCount": 0,
	"ManufacturersModelName": "BrainVision",
	"SoftwareVersions": "EEGLAB",
	"CapManufacturer": "Brain Products GmbH",
	"HardwareFilters": {
		"Bandpass": {
			"low_cutoff_hz": 0.3,
			"high_cutoff_hz": 70.0,
			"Type": "Butterworth",
			"Order": 4
		},
		"Notch": {
			"CutoffFrequency": [
				50
			]
		}
	},
	"TaskDescription": "[handwriting] Handwritten character task with 10 letters (a,d,e,f,j,n,o,s,t,v) using right index finger. Letters fade in (2s), remain visible (0.5s), fade out (2s), then 4s writing phase. Each letter written 60 times across 15 runs. Trial duration: 8.5s, cue: 2.0s, imagery: 4.0s.",
	"Instructions": "Start movement when letter fades out completely; write letter during 4s writing phase; stop hand at last position until next letter appears; execute home movement during fade-in to return to comfortable starting position",
	"CogAtlasID": "https://www.cognitiveatlas.org/task/id/trm_4c8a834779883/",
	"InstitutionName": "Graz University of Technology",
	"InstitutionAddress": "Graz, Austria",
	"InstitutionalDepartmentName": "Institute of Neural Engineering",
	"CapManufacturersModelName": "n/a",
	"SubjectArtefactDescription": "n/a",
	"DeviceSerialNumber": "n/a",
	"Description": "Classification of handwritten letters from EEG through continuous kinematic decoding",
	"MISCChannelCount": 0
}